PATH
  remote: .
  specs:
    red_cloth_formatters_plain (0.1)
      RedCloth (= 4.2.5)

GEM
  remote: http://www.rubygems.org/
  specs:
    RedCloth (4.2.5)
    rake (0.8.7)
    rspec (1.3.1)

PLATFORMS
  ruby

DEPENDENCIES
  rake
  red_cloth_formatters_plain!
  rspec (~> 1)
